PATH
  remote: .
  specs:
    behavior_tree (0.0.1)
      ruby-graphviz (~> 1.0.9)

GEM
  remote: https://rubygems.org/
  specs:
    diff-lcs (1.2.4)
    rake (10.1.0)
    rspec (2.14.1)
      rspec-core (~> 2.14.0)
      rspec-expectations (~> 2.14.0)
      rspec-mocks (~> 2.14.0)
    rspec-core (2.14.5)
    rspec-expectations (2.14.2)
      diff-lcs (>= 1.1.3, < 2.0)
    rspec-mocks (2.14.3)
    ruby-graphviz (1.0.9)

PLATFORMS
  ruby

DEPENDENCIES
  behavior_tree!
  bundler (~> 1.3)
  rake
  rspec
