PATH
  remote: .
  specs:
    behavior_tree (0.0.1)
      ruby-graphviz (~> 1.0.9)
      sourcify (~> 0.5.0)

GEM
  remote: https://rubygems.org/
  specs:
    diff-lcs (1.2.4)
    file-tail (1.0.12)
      tins (~> 0.5)
    rake (10.1.0)
    rspec (2.14.1)
      rspec-core (~> 2.14.0)
      rspec-expectations (~> 2.14.0)
      rspec-mocks (~> 2.14.0)
    rspec-core (2.14.5)
    rspec-expectations (2.14.2)
      diff-lcs (>= 1.1.3, < 2.0)
    rspec-mocks (2.14.3)
    ruby-graphviz (1.0.9)
    ruby2ruby (2.0.6)
      ruby_parser (~> 3.1)
      sexp_processor (~> 4.0)
    ruby_parser (3.2.2)
      sexp_processor (~> 4.1)
    sexp_processor (4.3.0)
    sourcify (0.5.0)
      file-tail (>= 1.0.5)
      ruby2ruby (>= 1.2.5)
      ruby_parser (>= 2.0.5)
      sexp_processor (>= 3.0.5)
    tins (0.10.0)

PLATFORMS
  ruby

DEPENDENCIES
  behavior_tree!
  bundler (~> 1.3)
  rake
  rspec
